PATH
  remote: .
  specs:
    octocheck (0.2.1)

GEM
  remote: https://rubygems.org/
  specs:
    rake (10.5.0)

PLATFORMS
  ruby

DEPENDENCIES
  bundler (~> 1.16)
  octocheck!
  rake (~> 10.0)

BUNDLED WITH
   1.17.3
