PATH
  remote: .
  specs:
    octocheck (0.4.0)

GEM
  remote: https://rubygems.org/
  specs:
    rake (13.0.6)

PLATFORMS
  x86_64-darwin-20

DEPENDENCIES
  bundler
  octocheck!
  rake (~> 13.0)

BUNDLED WITH
   2.3.3
