PATH
  remote: .
  specs:
    octocheck (0.3.2)

GEM
  remote: https://rubygems.org/
  specs:
    rake (10.5.0)

PLATFORMS
  x86_64-darwin-20

DEPENDENCIES
  bundler
  octocheck!
  rake (~> 10.0)

BUNDLED WITH
   2.3.3
